PATH
  remote: .
  specs:
    kenko (0.0.0)
      concurrent-ruby

GEM
  remote: https://rubygems.org/
  specs:
    concurrent-ruby (1.1.5)
    diff-lcs (1.3)
    mustermann (1.0.3)
    rack (2.0.8)
    rack-protection (2.0.7)
      rack
    rake (10.5.0)
    rspec (3.9.0)
      rspec-core (~> 3.9.0)
      rspec-expectations (~> 3.9.0)
      rspec-mocks (~> 3.9.0)
    rspec-core (3.9.0)
      rspec-support (~> 3.9.0)
    rspec-expectations (3.9.0)
      diff-lcs (>= 1.2.0, < 2.0)
      rspec-support (~> 3.9.0)
    rspec-mocks (3.9.0)
      diff-lcs (>= 1.2.0, < 2.0)
      rspec-support (~> 3.9.0)
    rspec-support (3.9.0)
    sinatra (2.0.7)
      mustermann (~> 1.0)
      rack (~> 2.0)
      rack-protection (= 2.0.7)
      tilt (~> 2.0)
    tilt (2.0.10)

PLATFORMS
  ruby

DEPENDENCIES
  bundler (~> 2.0)
  kenko!
  rake (~> 10.0)
  rspec (~> 3.0)
  sinatra

BUNDLED WITH
   2.0.2
